GEM
  remote: https://rubygems.org/
  specs:
    ffi (1.9.18)
    gssapi (1.2.0)
      ffi (>= 1.0.1)
    mustermann (1.0.0)
    rack (2.0.3)
    rack-protection (2.0.0)
      rack
    ruby-kafka (0.4.0)
      gssapi (>= 1.2.0)
    sinatra (2.0.0)
      mustermann (~> 1.0)
      rack (~> 2.0)
      rack-protection (= 2.0.0)
      tilt (~> 2.0)
    tilt (2.0.8)

PLATFORMS
  ruby

DEPENDENCIES
  ruby-kafka
  sinatra

BUNDLED WITH
   1.15.3
